GEM
  remote: http://rubygems.org/
  specs:
    CFPropertyList (2.2.8)
    facter (2.0.1)
      CFPropertyList (~> 2.2.6)
    hiera (1.3.2)
      json_pure
    json_pure (1.8.1)
    puppet (3.5.1)
      facter (> 1.6, < 3)
      hiera (~> 1.0)
      json_pure
      rgen (~> 0.6.5)
    puppet-lint (0.3.2)
    rake (0.9.2.2)
    rgen (0.6.6)

PLATFORMS
  ruby

DEPENDENCIES
  puppet (>= 2.7)
  puppet-lint
  rake
